PATH
  remote: .
  specs:
    sass-spec (3.3.3)
      minitest (~> 5.8.0)

GEM
  remote: https://rubygems.org/
  specs:
    colored (1.2)
    command_line_reporter (3.3.6)
      colored (>= 1.2)
    minitest (5.8.3)
    rake (10.4.2)
    ruby-terminfo (0.1.1)
    sass (3.4.21)

PLATFORMS
  ruby

DEPENDENCIES
  bundler (~> 1.7)
  command_line_reporter (~> 3.0)
  rake (~> 10.0)
  ruby-terminfo (~> 0.1.1)
  sass (~> 3.4)
  sass-spec!

BUNDLED WITH
   1.11.2
